GEM
  remote: https://rubygems.org/
  specs:
    ruby-prof (1.7.0)

PLATFORMS
  x86_64-darwin-21

DEPENDENCIES
  ruby-prof

BUNDLED WITH
   2.4.21
